PATH
  remote: .
  specs:
    data_error_impl (1.4.4)
      data_error (~> 1.1.2)

GEM
  remote: https://rubygems.org/
  specs:
    data_error (1.1.5)
    docile (1.3.2)
    json (2.3.0)
    minitest (5.14.0)
    rake (10.5.0)
    simplecov (0.17.1)
      docile (~> 1.1)
      json (>= 1.8, < 3)
      simplecov-html (~> 0.10.0)
    simplecov-html (0.10.2)

PLATFORMS
  ruby

DEPENDENCIES
  bundler (~> 2.1.2)
  data_error_impl!
  minitest (~> 5.0)
  rake (~> 10.0)
  simplecov (~> 0.17.1)

BUNDLED WITH
   2.1.2
